GEM
  remote: http://rubygems.org/
  specs:
    mini_magick (3.4)
      subexec (~> 0.2.1)
    open-uri-cached (0.0.5)
    puma (1.6.3)
      rack (~> 1.2)
    puma (1.6.3-java)
      rack (~> 1.2)
    rack (1.5.2)
    rack-protection (1.3.2)
      rack
    shotgun (0.9)
      rack (>= 1.0)
    sinatra (1.3.5)
      rack (~> 1.4)
      rack-protection (~> 1.3)
      tilt (~> 1.3, >= 1.3.3)
    subexec (0.2.2)
    tilt (1.3.3)

PLATFORMS
  java
  ruby

DEPENDENCIES
  mini_magick
  open-uri-cached
  puma
  shotgun
  sinatra
